GEM
  remote: https://rubygems.org/
  specs:
    espeak-ruby (1.0.4)

PLATFORMS
  ruby

DEPENDENCIES
  espeak-ruby

BUNDLED WITH
   1.14.6
